PATH
  remote: .
  specs:
    rubyscholar (0.2.1)
      activesupport (~> 4.0, >= 4.2)
      commander (~> 4.1, >= 4.1.5)
      nokogiri (~> 1.6, >= 1.6.0)

GEM
  remote: https://rubygems.org/
  specs:
    activesupport (4.2.0)
      i18n (~> 0.7)
      json (~> 1.7, >= 1.7.7)
      minitest (~> 5.1)
      thread_safe (~> 0.3, >= 0.3.4)
      tzinfo (~> 1.1)
    commander (4.4.0)
      highline (~> 1.7.2)
    highline (1.7.8)
    i18n (0.7.0)
    json (1.8.3)
    mini_portile2 (2.1.0)
    minitest (5.9.0)
    nokogiri (1.6.8)
      mini_portile2 (~> 2.1.0)
      pkg-config (~> 1.1.7)
    pkg-config (1.1.7)
    thread_safe (0.3.5)
    tzinfo (1.2.2)
      thread_safe (~> 0.1)

PLATFORMS
  ruby

DEPENDENCIES
  rubyscholar!

BUNDLED WITH
   1.11.2
